GIT
  remote: git://github.com/anycable/anycable-rails.git
  revision: f08c72662305576442bd74fa99045059f9d73d70
  specs:
    anycable-rails (0.5.4)
      anycable (~> 0.5.0)
      rails (>= 5)

GIT
  remote: git://github.com/anycable/anycable.git
  revision: d69ccabeba066467e41b61ed7a8fbecc9570b84a
  specs:
    anycable (0.5.2)
      anyway_config (~> 1.3)
      grpc (~> 1.15)
      redis (~> 4.0)

GIT
  remote: git://github.com/boazsegev/rails.git
  revision: 33c14eff0fc13bab007dad8fd485257cac769198
  specs:
    actioncable (6.0.0.alpha)
      actionpack (= 6.0.0.alpha)
      nio4r (~> 2.0)
      websocket-driver (>= 0.6.1)
    actionmailer (6.0.0.alpha)
      actionpack (= 6.0.0.alpha)
      actionview (= 6.0.0.alpha)
      activejob (= 6.0.0.alpha)
      mail (~> 2.5, >= 2.5.4)
      rails-dom-testing (~> 2.0)
    actionpack (6.0.0.alpha)
      actionview (= 6.0.0.alpha)
      activesupport (= 6.0.0.alpha)
      rack (~> 2.0)
      rack-test (>= 0.6.3)
      rails-dom-testing (~> 2.0)
      rails-html-sanitizer (~> 1.0, >= 1.0.2)
    actionview (6.0.0.alpha)
      activesupport (= 6.0.0.alpha)
      builder (~> 3.1)
      erubi (~> 1.4)
      rails-dom-testing (~> 2.0)
      rails-html-sanitizer (~> 1.0, >= 1.0.3)
    activejob (6.0.0.alpha)
      activesupport (= 6.0.0.alpha)
      globalid (>= 0.3.6)
    activemodel (6.0.0.alpha)
      activesupport (= 6.0.0.alpha)
    activerecord (6.0.0.alpha)
      activemodel (= 6.0.0.alpha)
      activesupport (= 6.0.0.alpha)
    activestorage (6.0.0.alpha)
      actionpack (= 6.0.0.alpha)
      activerecord (= 6.0.0.alpha)
      marcel (~> 0.3.1)
    activesupport (6.0.0.alpha)
      concurrent-ruby (~> 1.0, >= 1.0.2)
      i18n (>= 0.7, < 2)
      minitest (~> 5.1)
      tzinfo (~> 1.1)
    rails (6.0.0.alpha)
      actioncable (= 6.0.0.alpha)
      actionmailer (= 6.0.0.alpha)
      actionpack (= 6.0.0.alpha)
      actionview (= 6.0.0.alpha)
      activejob (= 6.0.0.alpha)
      activemodel (= 6.0.0.alpha)
      activerecord (= 6.0.0.alpha)
      activestorage (= 6.0.0.alpha)
      activesupport (= 6.0.0.alpha)
      bundler (>= 1.3.0)
      railties (= 6.0.0.alpha)
      sprockets-rails (>= 2.0.0)
    railties (6.0.0.alpha)
      actionpack (= 6.0.0.alpha)
      activesupport (= 6.0.0.alpha)
      method_source
      rake (>= 0.8.7)
      thor (>= 0.19.0, < 2.0)

GEM
  remote: https://rubygems.org/
  specs:
    anyway_config (1.3.1)
    async (1.10.3)
      nio4r (~> 2.3)
      timers (~> 4.1)
    async-container (0.6.1)
      async (~> 1.0)
      async-io (~> 1.4)
    async-http (0.34.4)
      async (~> 1.6)
      async-io (~> 1.16)
      http-protocol (~> 0.6.0)
    async-io (1.16.1)
      async (~> 1.3)
    bindex (0.5.0)
    builder (3.2.3)
    byebug (10.0.2)
    coderay (1.1.2)
    concurrent-ruby (1.0.5)
    crass (1.0.4)
    erubi (1.7.1)
    execjs (2.7.0)
    falcon (0.18.14)
      async-container (~> 0.6.0)
      async-http (~> 0.34.0)
      async-io (~> 1.9)
      http-protocol (~> 0.6.0)
      localhost (~> 1.1)
      rack (>= 1.0)
      samovar (~> 1.3)
    ffi (1.9.25)
    globalid (0.4.1)
      activesupport (>= 4.2.0)
    google-protobuf (3.6.1)
    googleapis-common-protos-types (1.0.2)
      google-protobuf (~> 3.0)
    grpc (1.16.0)
      google-protobuf (~> 3.1)
      googleapis-common-protos-types (~> 1.0.0)
    hitimes (1.3.0)
    http-hpack (0.1.1)
    http-protocol (0.6.2)
      http-hpack (~> 0.1.0)
    i18n (1.1.1)
      concurrent-ruby (~> 1.0)
    iodine (0.7.5)
      rack (>= 1.0, < 3.0)
    jbuilder (2.7.0)
      activesupport (>= 4.2.0)
      multi_json (>= 1.2)
    jquery-rails (4.3.3)
      rails-dom-testing (>= 1, < 3)
      railties (>= 4.2.0)
      thor (>= 0.14, < 2.0)
    listen (3.0.8)
      rb-fsevent (~> 0.9, >= 0.9.4)
      rb-inotify (~> 0.9, >= 0.9.7)
    localhost (1.1.4)
    loofah (2.2.2)
      crass (~> 1.0.2)
      nokogiri (>= 1.5.9)
    mail (2.7.1)
      mini_mime (>= 0.1.1)
    mapping (1.1.1)
    marcel (0.3.3)
      mimemagic (~> 0.3.2)
    method_source (0.9.0)
    mimemagic (0.3.2)
    mini_mime (1.0.1)
    mini_portile2 (2.3.0)
    minitest (5.11.3)
    multi_json (1.13.1)
    nio4r (2.3.1)
    nokogiri (1.8.5)
      mini_portile2 (~> 2.3.0)
    pry (0.11.3)
      coderay (~> 1.1.0)
      method_source (~> 0.9.0)
    pry-byebug (3.6.0)
      byebug (~> 10.0)
      pry (~> 0.10)
    puma (3.12.0)
    rack (2.0.5)
    rack-test (1.1.0)
      rack (>= 1.0, < 3)
    rails-dom-testing (2.0.3)
      activesupport (>= 4.2.0)
      nokogiri (>= 1.6)
    rails-html-sanitizer (1.0.4)
      loofah (~> 2.2, >= 2.2.2)
    rainbow (3.0.0)
    rake (12.3.1)
    rb-fsevent (0.10.3)
    rb-inotify (0.9.10)
      ffi (>= 0.5.0, < 2)
    redis (4.0.2)
    samovar (1.9.1)
      mapping (~> 1.0)
      rainbow (>= 2.0, < 4.0)
    sass (3.6.0)
      sass-listen (~> 4.0.0)
    sass-listen (4.0.0)
      rb-fsevent (~> 0.9, >= 0.9.4)
      rb-inotify (~> 0.9, >= 0.9.7)
    sass-rails (5.0.7)
      railties (>= 4.0.0, < 6)
      sass (~> 3.1)
      sprockets (>= 2.8, < 4.0)
      sprockets-rails (>= 2.0, < 4.0)
      tilt (>= 1.1, < 3)
    sprockets (3.7.2)
      concurrent-ruby (~> 1.0)
      rack (> 1, < 3)
    sprockets-rails (3.2.1)
      actionpack (>= 4.0)
      activesupport (>= 4.0)
      sprockets (>= 3.0.0)
    thor (0.20.0)
    thread_safe (0.3.6)
    tilt (2.0.8)
    timers (4.1.2)
      hitimes
    turbolinks (5.2.0)
      turbolinks-source (~> 5.2)
    turbolinks-source (5.2.0)
    tzinfo (1.2.5)
      thread_safe (~> 0.1)
    uglifier (4.1.19)
      execjs (>= 0.3.0, < 3)
    web-console (3.7.0)
      actionview (>= 5.0)
      activemodel (>= 5.0)
      bindex (>= 0.4.0)
      railties (>= 5.0)
    websocket-driver (0.7.0)
      websocket-extensions (>= 0.1.0)
    websocket-extensions (0.1.3)

PLATFORMS
  ruby

DEPENDENCIES
  anycable!
  anycable-rails!
  falcon
  iodine
  jbuilder (~> 2.5)
  jquery-rails
  listen (~> 3.0.5)
  pry-byebug
  puma (~> 3.0)
  rails!
  redis (>= 3.0)
  sass-rails (~> 5.0)
  turbolinks (~> 5)
  tzinfo-data
  uglifier (>= 1.3.0)
  web-console

BUNDLED WITH
   1.16.2
