GEM
  remote: https://rubygems.org/
  specs:
    iodine (0.7.5)
      rack (>= 1.0, < 3.0)
    plezi (0.16.3)
      bundler (~> 1.14)
      iodine (>= 0.6.0, < 0.8.0)
      rack (>= 2.0.0)
    rack (2.0.5)

PLATFORMS
  ruby

DEPENDENCIES
  iodine
  plezi

BUNDLED WITH
   1.16.2
