GEM
  remote: https://rubygems.org/
  specs:
    iodine (0.4.16)
      rack (>= 1.0, < 3.0)
    plezi (0.15.0)
      bundler (~> 1.14)
      iodine (~> 0.4)
      rack (>= 2.0.0)
    rack (2.0.4)

PLATFORMS
  ruby

DEPENDENCIES
  iodine
  plezi

BUNDLED WITH
   1.16.0
